GEM
  remote: https://rubygems.org/
  specs:
    activesupport (4.0.1)
      i18n (~> 0.6, >= 0.6.4)
      minitest (~> 4.2)
      multi_json (~> 1.3)
      thread_safe (~> 0.1)
      tzinfo (~> 0.3.37)
    ansi (1.4.3)
    atomic (1.1.14)
    atomic (1.1.14-java)
    awesome_print (1.2.0)
    coderay (1.1.0)
    colorize (0.6.0)
    deep_clone (0.0.1)
    docile (1.1.0)
    ffi (1.9.3-java)
    global (0.0.2)
      activesupport
    i18n (0.6.5)
    json (1.8.1)
    json (1.8.1-java)
    method_source (0.8.2)
    minitest (4.7.5)
    minitest_should (0.3.1)
    multi_json (1.8.2)
    pry (0.9.12.4)
      coderay (~> 1.0)
      method_source (~> 0.8)
      slop (~> 3.4)
    pry (0.9.12.4-java)
      coderay (~> 1.0)
      method_source (~> 0.8)
      slop (~> 3.4)
      spoon (~> 0.0)
    pry-doc (0.4.6)
      pry (>= 0.9)
      yard (>= 0.8)
    pry-theme (1.0.1)
      json
    rake (10.1.0)
    require_all (1.3.2)
    simplecov (0.8.2)
      docile (~> 1.1.0)
      multi_json
      simplecov-html (~> 0.8.0)
    simplecov-html (0.8.0)
    slop (3.4.7)
    spoon (0.0.4)
      ffi
    thread_safe (0.1.3)
      atomic
    thread_safe (0.1.3-java)
      atomic
    turn (0.9.6)
      ansi
    tzinfo (0.3.38)
    yard (0.8.7.3)

PLATFORMS
  java
  ruby

DEPENDENCIES
  awesome_print
  colorize
  deep_clone
  global
  minitest (= 4.7.5)
  minitest_should
  pry
  pry-doc
  pry-theme
  rake
  require_all
  simplecov
  turn
